GEM
  remote: https://rubygems.org/
  specs:
    json (1.8.1)
    mime-types (1.25.1)
    netrc (0.7.7)
    rest-client (1.7.2)
      mime-types (>= 1.16, < 3.0)
      netrc (~> 0.7)
    right_api_client (1.5.22)
      json (~> 1.0)
      mime-types (~> 1.0)
      rest-client (~> 1.6)

PLATFORMS
  ruby

DEPENDENCIES
  right_api_client
